PATH
  remote: .
  specs:
    taste-of-the-world (0.1.0)

GEM
  remote: https://rubygems.org/
  specs:
    rake (10.5.0)

PLATFORMS
  ruby

DEPENDENCIES
  bundler (~> 2.0)
  rake (~> 10.0)
  taste-of-the-world!

BUNDLED WITH
   2.0.1
